GEM
  remote: http://rubygems.org/
  specs:
    activesupport (4.0.2)
      i18n (~> 0.6, >= 0.6.4)
      minitest (~> 4.2)
      multi_json (~> 1.3)
      thread_safe (~> 0.1)
      tzinfo (~> 0.3.37)
    atomic (1.1.14)
    diff-lcs (1.1.2)
    geo_calc (0.7.7.1)
      activesupport (>= 3.0.1)
      geo_units (>= 0.3.1.1)
      i18n (>= 0.5)
      require_all (>= 1.2.0)
      sugar-high (>= 0.6.0)
      sweetloader
    geo_point (0.2.6)
      geo_calc (>= 0.7.7.1)
    geo_units (0.3.1.1)
      activesupport
      i18n
      sugar-high (>= 0.6.0)
      sweetloader
    git (1.2.5)
    i18n (0.6.9)
    jeweler (1.6.2)
      bundler (~> 1.0)
      git (>= 1.2.5)
      rake
    minitest (4.7.5)
    multi_json (1.8.4)
    rake (0.9.2)
    require_all (1.3.2)
    rspec (2.6.0)
      rspec-core (~> 2.6.0)
      rspec-expectations (~> 2.6.0)
      rspec-mocks (~> 2.6.0)
    rspec-core (2.6.4)
    rspec-expectations (2.6.0)
      diff-lcs (~> 1.1.2)
    rspec-mocks (2.6.0)
    sugar-high (0.7.3)
    sweetloader (0.1.6)
      activesupport (>= 3.0.1)
      i18n
    thread_safe (0.1.3)
      atomic
    tzinfo (0.3.38)

PLATFORMS
  ruby

DEPENDENCIES
  bundler (~> 1.5.2)
  geo_point (~> 0.2.6)
  geo_units (~> 0.3.1.1)
  jeweler (~> 1.6.2)
  rspec (>= 2.6.0)
